GEM
  remote: http://rubygems.org/
  specs:
    addressable (2.2.8)
    dm-core (1.2.0)
      addressable (~> 2.2.6)
    haml (4.0.0)
      tilt
    newrelic_rpm (3.6.4.122)
    rack (1.5.2)
    rack-protection (1.3.2)
      rack
    rake (10.0.3)
    shotgun (0.9)
      rack (>= 1.0)
    sinatra (1.3.4)
      rack (~> 1.4)
      rack-protection (~> 1.3)
      tilt (~> 1.3, >= 1.3.3)
    tilt (1.3.3)

PLATFORMS
  ruby

DEPENDENCIES
  dm-core
  haml
  newrelic_rpm
  rake
  shotgun
  sinatra
  tilt (~> 1.3.3)
