GEM
  remote: http://rubygems.org/
  specs:
    addressable (2.3.5)
    dm-core (1.2.1)
      addressable (~> 2.3)
    haml (4.0.3)
      tilt
    rack (1.5.2)
    rack-protection (1.5.0)
      rack
    rake (10.1.0)
    shotgun (0.9)
      rack (>= 1.0)
    sinatra (1.4.3)
      rack (~> 1.4)
      rack-protection (~> 1.4)
      tilt (~> 1.3, >= 1.3.4)
    tilt (1.3.7)

PLATFORMS
  ruby

DEPENDENCIES
  dm-core
  haml
  rake
  shotgun
  sinatra
  tilt (~> 1.3.3)
